GEM
  remote: https://rubygems.org/
  specs:
    coderay (1.1.3)
    fileutils (1.7.1)
    method_source (1.0.0)
    net-http (0.3.2)
      uri
    nokogiri (1.15.4-arm64-darwin)
      racc (~> 1.4)
    nokogiri (1.15.4-x86_64-linux)
      racc (~> 1.4)
    pry (0.14.2)
      coderay (~> 1.1)
      method_source (~> 1.0)
    racc (1.7.1)
    uri (0.12.2)

PLATFORMS
  arm64-darwin-22
  x86_64-linux

DEPENDENCIES
  fileutils
  net-http
  nokogiri
  pry

BUNDLED WITH
   2.4.10
